GIT
  remote: https://github.com/duke-libraries/blacklight_range_limit.git
  revision: 278fc1b2db775b74f8d34df4a1799e7e3f0b008d
  branch: patch-controller-override
  specs:
    blacklight_range_limit (5.0.4)
      blacklight (>= 5.0.0.pre4, < 6)
      jquery-rails
      rails (>= 3.0, < 5.0)

GEM
  remote: https://rubygems.org/
  specs:
    actionmailer (4.1.14.1)
      actionpack (= 4.1.14.1)
      actionview (= 4.1.14.1)
      mail (~> 2.5, >= 2.5.4)
    actionpack (4.1.14.1)
      actionview (= 4.1.14.1)
      activesupport (= 4.1.14.1)
      rack (~> 1.5.2)
      rack-test (~> 0.6.2)
    actionview (4.1.14.1)
      activesupport (= 4.1.14.1)
      builder (~> 3.1)
      erubis (~> 2.7.0)
    active-fedora (7.1.2)
      active-triples (~> 0.2.2)
      activesupport (>= 3.0.0)
      deprecation
      nom-xml (>= 0.5.1)
      om (~> 3.1)
      rdf-rdfxml (~> 1.1.0)
      rsolr (~> 1.0.10)
      rubydora (~> 1.8)
    active-triples (0.2.3)
      activemodel (>= 3.0.0)
      activesupport (>= 3.0.0)
      deprecation (~> 0.1)
      linkeddata (~> 1.1)
      rdf (~> 1.1)
    activemodel (4.1.14.1)
      activesupport (= 4.1.14.1)
      builder (~> 3.1)
    activerecord (4.1.14.1)
      activemodel (= 4.1.14.1)
      activesupport (= 4.1.14.1)
      arel (~> 5.0.0)
    activeresource (4.1.0)
      activemodel (~> 4.0)
      activesupport (~> 4.0)
      rails-observers (~> 0.1.2)
    activesupport (4.1.14.1)
      i18n (~> 0.6, >= 0.6.9)
      json (~> 1.7, >= 1.7.7)
      minitest (~> 5.1)
      thread_safe (~> 0.1)
      tzinfo (~> 1.1)
    addressable (2.3.6)
    arel (5.0.1.20140414130214)
    autoprefixer-rails (6.3.3.1)
      execjs
    axiom-types (0.1.1)
      descendants_tracker (~> 0.0.4)
      ice_nine (~> 0.11.0)
      thread_safe (~> 0.3, >= 0.3.1)
    bcrypt (3.1.9)
    better_errors (2.1.1)
      coderay (>= 1.0.0)
      erubis (>= 2.6.6)
      rack (>= 0.9.0)
    binding_of_caller (0.7.2)
      debug_inspector (>= 0.0.1)
    blacklight (5.16.0)
      bootstrap-sass (~> 3.2)
      deprecation
      kaminari (>= 0.15)
      nokogiri (~> 1.6)
      rails (>= 3.2.6, < 5)
      rsolr (~> 1.0.11)
    blacklight-gallery (0.3.0)
      blacklight (~> 5.0)
      bootstrap-sass (~> 3.0)
      openseadragon (>= 0.2.0)
      rails
    block_helpers (0.3.3)
      activesupport (>= 2.0)
    bootstrap-sass (3.3.5)
      autoprefixer-rails (>= 5.0.0.1)
      sass (>= 3.2.19)
    bootstrap-select-rails (1.6.3)
    bootswatch-rails (3.2.4)
      railties (>= 3.1)
    builder (3.2.2)
    cancancan (1.13.1)
    capybara (2.4.4)
      mime-types (>= 1.16)
      nokogiri (>= 1.3.3)
      rack (>= 1.0.0)
      rack-test (>= 0.5.4)
      xpath (~> 2.0)
    childprocess (0.5.9)
      ffi (~> 1.0, >= 1.0.11)
    coderay (1.1.0)
    coercible (1.0.0)
      descendants_tracker (~> 0.0.1)
    coffee-rails (4.0.1)
      coffee-script (>= 2.2.0)
      railties (>= 4.0.0, < 5.0)
    coffee-script (2.3.0)
      coffee-script-source
      execjs
    coffee-script-source (1.8.0)
    concurrent-ruby (1.0.0)
    daemons (1.2.3)
    database_cleaner (1.4.0)
    ddr-alerts (1.0.0)
      rails (~> 4.1.6)
    ddr-antivirus (2.1.1)
    ddr-models (2.4.9)
      active-fedora (~> 7.0)
      activeresource
      cancancan (~> 1.12)
      ddr-antivirus (~> 2.1.1)
      devise (~> 3.4)
      ezid-client (~> 1.4.2)
      grouper-rest-client
      hashie (~> 3.4.3)
      hydra-core (~> 7.2)
      hydra-validations (~> 0.5)
      net-ldap (~> 0.11)
      omniauth-shibboleth (~> 1.2.0)
      rails (~> 4.1.6)
      rdf-vocab (~> 0.8)
      resque (~> 1.25)
      virtus (~> 1.0.5)
    debug_inspector (0.0.2)
    deprecation (0.2.2)
      activesupport
    descendants_tracker (0.0.4)
      thread_safe (~> 0.3, >= 0.3.1)
    devise (3.4.1)
      bcrypt (~> 3.0)
      orm_adapter (~> 0.1)
      railties (>= 3.2.6, < 5)
      responders
      thread_safe (~> 0.1)
      warden (~> 1.2.3)
    diff-lcs (1.2.5)
    domain_name (0.5.20160615)
      unf (>= 0.0.5, < 1.0.0)
    ebnf (0.3.9)
      rdf (~> 1.1)
      sxp (~> 0.1, >= 0.1.3)
    edtf (2.3.1)
      activesupport (>= 3.0, < 5.0)
    edtf-humanize (0.0.4)
      edtf (~> 2.3)
      rails (~> 4.0)
    equalizer (0.0.11)
    equivalent-xml (0.6.0)
      nokogiri (>= 1.4.3)
    erubis (2.7.0)
    execjs (2.6.0)
    ezid-client (1.4.3)
      hashie
    factory_girl (4.5.0)
      activesupport (>= 3.0.0)
    factory_girl_rails (4.5.0)
      factory_girl (~> 4.5.0)
      railties (>= 3.0.0)
    fastercsv (1.5.5)
    fastimage (1.7.0)
      addressable (~> 2.3, >= 2.3.5)
    ffi (1.9.10)
    font-awesome-sass (4.6.2)
      sass (>= 3.2)
    grouper-rest-client (0.2.7)
      json (>= 1.5.1)
      rest-client (>= 1.6.1)
    haml (4.0.7)
      tilt
    hashie (3.4.4)
    hooks (0.3.6)
      uber (~> 0.0.4)
    htmlentities (4.3.4)
    http-cookie (1.0.2)
      domain_name (~> 0.5)
    hydra-access-controls (7.2.2)
      active-fedora (~> 7.0)
      activesupport
      blacklight (~> 5.3)
      cancancan
      deprecation
      om (~> 3.0, >= 3.0.7)
      sass-rails
    hydra-core (7.2.2)
      block_helpers
      hydra-access-controls (= 7.2.2)
      jettywrapper (>= 1.4.1)
      rails (>= 3.2.3, < 5)
    hydra-head (7.2.2)
      hydra-access-controls (= 7.2.2)
      hydra-core (= 7.2.2)
      rails (>= 3.2.6)
    hydra-validations (0.5.0)
      activemodel (~> 4.0)
    i18n (0.7.0)
    ice_nine (0.11.2)
    jbuilder (2.2.6)
      activesupport (>= 3.0.0, < 5)
      multi_json (~> 1.2)
    jettywrapper (1.8.3)
      activesupport (>= 3.0.0)
      childprocess
      i18n
      logger
    jquery-rails (3.1.2)
      railties (>= 3.0, < 5.0)
      thor (>= 0.14, < 2.0)
    json (1.8.3)
    json-ld (1.1.11.1)
      multi_json (~> 1.11)
      rdf (~> 1.1, >= 1.1.17, < 1.99)
    kaminari (0.16.3)
      actionpack (>= 3.0.0)
      activesupport (>= 3.0.0)
    launchy (2.4.3)
      addressable (~> 2.3)
    libv8 (3.16.14.7)
    link_header (0.0.8)
    linkeddata (1.1.2)
      equivalent-xml (~> 0.4)
      json-ld (~> 1.1, >= 1.1.7)
      nokogiri (~> 1.6)
      rdf (~> 1.1, >= 1.1.7)
      rdf-aggregate-repo (~> 1.1)
      rdf-isomorphic (~> 1.1)
      rdf-json (~> 1.1)
      rdf-microdata (~> 2.0)
      rdf-n3 (~> 1.1)
      rdf-rdfa (~> 1.1, >= 1.1.5)
      rdf-rdfxml (~> 1.1, >= 1.1.3)
      rdf-reasoner (~> 0.2, >= 0.2.1)
      rdf-trig (~> 1.1, >= 1.1.3)
      rdf-trix (~> 1.1)
      rdf-turtle (~> 1.1, >= 1.1.5)
      sparql (~> 1.1, >= 1.1.4)
      sparql-client (~> 1.1, >= 1.1.3)
    log4r (1.1.10)
    logger (1.2.8)
    mail (2.6.3)
      mime-types (>= 1.16, < 3)
    mime-types (2.99.1)
    mini_portile2 (2.1.0)
    minitest (5.8.4)
    mono_logger (1.1.0)
    multi_json (1.11.2)
    mysql2 (0.3.17)
    net-http-persistent (2.9.4)
    net-ldap (0.14.0)
    netrc (0.11.0)
    nokogiri (1.6.8)
      mini_portile2 (~> 2.1.0)
      pkg-config (~> 1.1.7)
    nom-xml (0.5.4)
      activesupport (>= 3.2.18)
      i18n
      nokogiri
    om (3.1.0)
      activemodel
      activesupport
      nokogiri (>= 1.4.2)
      solrizer (~> 3.3)
    omniauth (1.3.1)
      hashie (>= 1.2, < 4)
      rack (>= 1.0, < 3)
    omniauth-shibboleth (1.2.1)
      omniauth (>= 1.0.0)
    openseadragon (0.2.0)
      rails (> 3.2.0)
    orderly (0.0.2)
    orm_adapter (0.5.0)
    pdf-core (0.6.0)
    pkg-config (1.1.7)
    prawn (2.0.2)
      pdf-core (~> 0.6.0)
      ttfunk (~> 1.4.0)
    rack (1.5.5)
    rack-protection (1.5.3)
      rack
    rack-test (0.6.3)
      rack (>= 1.0)
    rails (4.1.14.1)
      actionmailer (= 4.1.14.1)
      actionpack (= 4.1.14.1)
      actionview (= 4.1.14.1)
      activemodel (= 4.1.14.1)
      activerecord (= 4.1.14.1)
      activesupport (= 4.1.14.1)
      bundler (>= 1.3.0, < 2.0)
      railties (= 4.1.14.1)
      sprockets-rails (~> 2.0)
    rails-observers (0.1.2)
      activemodel (~> 4.0)
    railties (4.1.14.1)
      actionpack (= 4.1.14.1)
      activesupport (= 4.1.14.1)
      rake (>= 0.8.7)
      thor (>= 0.18.1, < 2.0)
    rake (10.5.0)
    rdf (1.1.17.1)
      link_header (~> 0.0, >= 0.0.8)
    rdf-aggregate-repo (1.1.0.1)
      rdf (~> 1.1, < 1.99)
    rdf-isomorphic (1.1.0.2)
      rdf (~> 1.1, >= 1.1.17, < 1.99)
    rdf-json (1.1.2.1)
      rdf (~> 1.1, < 1.99)
    rdf-microdata (2.0.2)
      htmlentities (~> 4.3)
      nokogiri (~> 1.6)
      rdf (~> 1.1)
      rdf-xsd (~> 1.1)
    rdf-n3 (1.1.3.1)
      rdf (~> 1.1, >= 1.1.17, < 1.99)
    rdf-rdfa (1.1.6.1)
      haml (~> 4.0)
      htmlentities (~> 4.3)
      rdf (~> 1.1, >= 1.1.6, < 1.99)
      rdf-aggregate-repo (~> 1.1, < 1.99)
      rdf-xsd (~> 1.1, < 1.99)
    rdf-rdfxml (1.1.5.1)
      htmlentities (~> 4.3)
      rdf (~> 1.1, >= 1.1.6, < 1.99)
      rdf-rdfa (~> 1.1, >= 1.1.4.1, < 1.99)
      rdf-xsd (~> 1.1, < 1.99)
    rdf-reasoner (0.3.0)
      rdf (~> 1.1, >= 1.1.4.2)
      rdf-turtle (~> 1.1)
      rdf-vocab (~> 0.8)
      rdf-xsd (~> 1.1)
    rdf-trig (1.1.4)
      ebnf (~> 0.3, >= 0.3.7)
      rdf (~> 1.1, >= 1.1.11)
      rdf-turtle (~> 1.1, >= 1.1.6)
    rdf-trix (1.99.0)
      rdf (~> 1.1)
    rdf-turtle (1.1.7)
      ebnf (~> 0.3, >= 0.3.6)
      rdf (~> 1.1, >= 1.1.10)
    rdf-vocab (0.8.7.1)
      rdf (~> 1.1, >= 1.1.10)
    rdf-xsd (1.1.5.1)
      rdf (~> 1.1, >= 1.1.9, < 1.99)
    rdoc (4.2.0)
      json (~> 1.4)
    redis (3.3.0)
    redis-namespace (1.5.2)
      redis (~> 3.0, >= 3.0.4)
    ref (1.0.5)
    responders (1.1.2)
      railties (>= 3.2, < 4.2)
    resque (1.26.0)
      mono_logger (~> 1.0)
      multi_json (~> 1.0)
      redis-namespace (~> 1.3)
      sinatra (>= 0.9.2)
      vegas (~> 0.1.2)
    rest-client (1.8.0)
      http-cookie (>= 1.0.2, < 2.0)
      mime-types (>= 1.16, < 3.0)
      netrc (~> 0.7)
    rsolr (1.0.13)
      builder (>= 2.1.2)
    rspec-core (3.4.4)
      rspec-support (~> 3.4.0)
    rspec-expectations (3.4.0)
      diff-lcs (>= 1.2.0, < 2.0)
      rspec-support (~> 3.4.0)
    rspec-mocks (3.4.1)
      diff-lcs (>= 1.2.0, < 2.0)
      rspec-support (~> 3.4.0)
    rspec-rails (3.4.2)
      actionpack (>= 3.0, < 4.3)
      activesupport (>= 3.0, < 4.3)
      railties (>= 3.0, < 4.3)
      rspec-core (~> 3.4.0)
      rspec-expectations (~> 3.4.0)
      rspec-mocks (~> 3.4.0)
      rspec-support (~> 3.4.0)
    rspec-support (3.4.1)
    rubydora (1.8.1)
      activemodel
      activesupport
      deprecation
      equivalent-xml
      fastercsv
      hooks (~> 0.3.0)
      mime-types
      nokogiri
      rest-client
    rubyzip (1.1.7)
    sass (3.4.21)
    sass-rails (5.0.4)
      railties (>= 4.0.0, < 5.0)
      sass (~> 3.1)
      sprockets (>= 2.8, < 4.0)
      sprockets-rails (>= 2.0, < 4.0)
      tilt (>= 1.1, < 3)
    sdoc (0.4.1)
      json (~> 1.7, >= 1.7.7)
      rdoc (~> 4.0)
    sinatra (1.4.7)
      rack (~> 1.5)
      rack-protection (~> 1.4)
      tilt (>= 1.3, < 3)
    solrizer (3.3.0)
      activesupport
      daemons
      nokogiri
      stomp
      xml-simple
    sparql (1.1.8)
      builder (~> 3.2)
      ebnf (~> 0.3, >= 0.3.9)
      rdf (~> 1.1, >= 1.1.13)
      rdf-aggregate-repo (~> 1.1, >= 1.1.0)
      rdf-xsd (~> 1.1)
      sparql-client (~> 1.1)
      sxp (~> 0.1)
    sparql-client (1.99.0)
      net-http-persistent (~> 2.9)
      rdf (~> 1.1)
    sprockets (3.5.2)
      concurrent-ruby (~> 1.0)
      rack (> 1, < 3)
    sprockets-rails (2.3.3)
      actionpack (>= 3.0)
      activesupport (>= 3.0)
      sprockets (>= 2.8, < 4.0)
    sqlite3 (1.3.10)
    stomp (1.3.4)
    sxp (0.1.5)
    therubyracer (0.12.1)
      libv8 (~> 3.16.14.0)
      ref
    thor (0.19.1)
    thread_safe (0.3.5)
    tilt (2.0.2)
    ttfunk (1.4.0)
    tzinfo (1.2.2)
      thread_safe (~> 0.1)
    uber (0.0.15)
    uglifier (2.7.0)
      execjs (>= 0.3.0)
      json (>= 1.8.0)
    unf (0.1.4)
      unf_ext
    unf_ext (0.0.7.2)
    vegas (0.1.11)
      rack (>= 1.0.0)
    virtus (1.0.5)
      axiom-types (~> 0.1)
      coercible (~> 1.0)
      descendants_tracker (~> 0.0, >= 0.0.3)
      equalizer (~> 0.0, >= 0.0.9)
    warden (1.2.3)
      rack (>= 1.0)
    xml-simple (1.1.5)
    xpath (2.0.0)
      nokogiri (~> 1.3)

PLATFORMS
  ruby

DEPENDENCIES
  autoprefixer-rails
  better_errors
  binding_of_caller
  blacklight (= 5.16)
  blacklight-gallery
  blacklight_range_limit!
  bootstrap-sass (~> 3.3.4)
  bootstrap-select-rails
  bootswatch-rails
  capybara (~> 2.0)
  coffee-rails (~> 4.0.0)
  database_cleaner
  ddr-alerts (~> 1.0.0)
  ddr-models (= 2.4.9)
  devise
  edtf-humanize (~> 0.0.4)
  factory_girl_rails (~> 4.4)
  fastimage
  font-awesome-sass (~> 4.6.2)
  hydra-head (~> 7.2.0)
  jbuilder (~> 2.0)
  jettywrapper (~> 1.8)
  jquery-rails
  launchy
  log4r
  mysql2
  nokogiri
  openseadragon (~> 0.2.0)
  orderly
  prawn
  rails (~> 4.1.13)
  rspec-rails (~> 3.4)
  rubyzip (~> 1.1.7)
  sass-rails (~> 5.0.4)
  sdoc (~> 0.4.0)
  sqlite3
  therubyracer
  uglifier (>= 1.3.0)

BUNDLED WITH
   1.12.3
